GEM
  remote: http://rubygems.org/
  specs:
    POpen4 (0.1.4)
      Platform (>= 0.4.0)
      open4
    Platform (0.4.0)
    jasmine (3.5.0)
      jasmine-core (~> 3.5.0)
      phantomjs
      rack (>= 1.2.1)
      rake
    jasmine-core (3.5.0)
    jslint_on_rails (1.0.7)
    open4 (1.3.0)
    phantomjs (2.1.1.0)
    rack (2.0.7)
    rake (0.8.7)
    yui-compressor (0.9.6)
      POpen4 (>= 0.1.4)

PLATFORMS
  ruby

DEPENDENCIES
  jasmine (>= 1.1.2)
  jslint_on_rails
  rake (= 0.8.7)
  yui-compressor

BUNDLED WITH
   1.17.3
